GIT
  remote: https://github.com/OpenSourcePolitics/decidim-module-budgets_enhanced.git
  revision: c65ebca742ba1ba2240be088405fdb4ddb3a039a
  branch: 0.22-dev
  specs:
    decidim-budgets_enhanced (0.22.0.rc1)
      decidim-budgets (= 0.22.0.rc1)
      decidim-core (= 0.22.0.rc1)

GIT
  remote: https://github.com/crofty/mapstatic.git
  revision: 02618fb3918aa65c9a1a64f815881b333e60aad3
  branch: master
  specs:
    mapstatic (0.0.2)
      mini_magick (~> 4.9)
      typhoeus (~> 1.3)

GIT
  remote: https://github.com/decidim/decidim.git
  revision: 3cc4df0e1a99a114b805bd3ef9755e235ce31c76
  branch: release/0.22-stable
  specs:
    decidim (0.22.0.rc1)
      decidim-accountability (= 0.22.0.rc1)
      decidim-admin (= 0.22.0.rc1)
      decidim-api (= 0.22.0.rc1)
      decidim-assemblies (= 0.22.0.rc1)
      decidim-blogs (= 0.22.0.rc1)
      decidim-budgets (= 0.22.0.rc1)
      decidim-comments (= 0.22.0.rc1)
      decidim-core (= 0.22.0.rc1)
      decidim-debates (= 0.22.0.rc1)
      decidim-forms (= 0.22.0.rc1)
      decidim-generators (= 0.22.0.rc1)
      decidim-meetings (= 0.22.0.rc1)
      decidim-pages (= 0.22.0.rc1)
      decidim-participatory_processes (= 0.22.0.rc1)
      decidim-proposals (= 0.22.0.rc1)
      decidim-sortitions (= 0.22.0.rc1)
      decidim-surveys (= 0.22.0.rc1)
      decidim-system (= 0.22.0.rc1)
      decidim-verifications (= 0.22.0.rc1)
    decidim-accountability (0.22.0.rc1)
      decidim-comments (= 0.22.0.rc1)
      decidim-core (= 0.22.0.rc1)
      kaminari (~> 1.2, >= 1.2.1)
      searchlight (~> 4.1)
    decidim-admin (0.22.0.rc1)
      active_link_to (~> 1.0)
      decidim-core (= 0.22.0.rc1)
      devise (~> 4.7)
      devise-i18n (~> 1.2)
      devise_invitable (~> 1.7)
      jquery-rails (~> 4.3)
      sassc (~> 2.3.0)
      sassc-rails (~> 2.1.2)
    decidim-api (0.22.0.rc1)
      graphiql-rails (~> 1.4, < 1.5)
      graphql (~> 1.9)
      rack-cors (~> 1.0)
      redcarpet (~> 3.4)
      sprockets-es6 (~> 0.9.2)
    decidim-assemblies (0.22.0.rc1)
      decidim-core (= 0.22.0.rc1)
    decidim-blogs (0.22.0.rc1)
      decidim-admin (= 0.22.0.rc1)
      decidim-comments (= 0.22.0.rc1)
      decidim-core (= 0.22.0.rc1)
      httparty (~> 0.17)
      jquery-tmpl-rails (~> 1.1)
      kaminari (~> 1.2, >= 1.2.1)
    decidim-budgets (0.22.0.rc1)
      decidim-comments (= 0.22.0.rc1)
      decidim-core (= 0.22.0.rc1)
      kaminari (~> 1.2, >= 1.2.1)
      searchlight (~> 4.1)
    decidim-comments (0.22.0.rc1)
      decidim-core (= 0.22.0.rc1)
      jquery-rails (~> 4.3)
      redcarpet (~> 3.4)
    decidim-core (0.22.0.rc1)
      active_link_to (~> 1.0)
      anchored (>= 1.1.0)
      autoprefixer-rails (~> 8.0)
      batch-loader (~> 1.2)
      browser (~> 2.7)
      carrierwave (~> 1.3)
      cells-erb (~> 0.1.0)
      cells-rails (~> 0.0.9)
      charlock_holmes (~> 0.7)
      date_validator (~> 0.9.0)
      decidim-api (= 0.22.0.rc1)
      devise (~> 4.7)
      devise-i18n (~> 1.2)
      diffy (~> 3.3)
      doorkeeper (~> 5.1)
      doorkeeper-i18n (~> 4.0)
      etherpad-lite (~> 0.3)
      file_validators (~> 2.1)
      foundation-rails (~> 6.6, < 6.7)
      foundation_rails_helper (~> 3.0)
      geocoder (>= 1.5)
      hashdiff (>= 0.4.0, < 2.0.0)
      invisible_captcha (~> 0.12)
      jquery-rails (~> 4.3)
      kaminari (~> 1.2, >= 1.2.1)
      loofah (~> 2.3.1)
      mini_magick (~> 4.9)
      mustache (~> 1.1.0)
      nobspw (~> 0.6.0)
      omniauth (~> 1.9)
      omniauth-facebook (~> 5.0)
      omniauth-google-oauth2 (~> 0.7)
      omniauth-rails_csrf_protection (~> 0.1)
      omniauth-twitter (~> 1.4)
      paper_trail (~> 10.3)
      pg (~> 1.1.4, < 2)
      pg_search (~> 2.2)
      premailer-rails (~> 1.10)
      rack (>= 2.0.8)
      rack-attack (~> 6.0)
      rails (>= 5.2.4.3, < 6.0.x)
      rails-i18n (~> 5.0)
      rectify (~> 0.13.0)
      redis (~> 4.1)
      rubyzip (~> 2.0)
      sassc (~> 2.3.0)
      sassc-rails (~> 2.1.2)
      seven_zip_ruby (~> 1.2, >= 1.2.2)
      social-share-button (~> 1.2, >= 1.2.1)
      spreadsheet (~> 1.2)
      sprockets (~> 3.7, < 4)
      sprockets-es6 (~> 0.9.2)
      truncato (~> 0.7)
      uglifier (~> 4.1)
      valid_email2 (~> 2.1)
      wisper (~> 2.0)
    decidim-debates (0.22.0.rc1)
      decidim-comments (= 0.22.0.rc1)
      decidim-core (= 0.22.0.rc1)
      kaminari (~> 1.2, >= 1.2.1)
      searchlight (~> 4.1)
    decidim-dev (0.22.0.rc1)
      byebug (~> 11.0)
      capybara (~> 3.24)
      db-query-matchers (~> 0.9.0)
      decidim (= 0.22.0.rc1)
      erb_lint (~> 0.0.28)
      factory_bot_rails (~> 4.8)
      i18n-tasks (~> 0.9.18)
      mdl (~> 0.5.0)
      nokogiri (>= 1.10.8)
      puma (>= 4.3)
      rails-controller-testing (~> 1.0)
      rspec-cells (~> 0.3.4)
      rspec-html-matchers (~> 0.9.1)
      rspec-rails (~> 3.7)
      rspec-retry (~> 0.6.2)
      rspec_junit_formatter (~> 0.3.0)
      rubocop (~> 0.71.0)
      rubocop-rails (~> 2.0)
      rubocop-rspec (~> 1.21)
      selenium-webdriver (~> 3.142)
      simplecov (~> 0.18.5)
      simplecov-cobertura (~> 1.3.1)
      system_test_html_screenshots (~> 0.1.1)
      webmock (~> 3.6)
      wisper-rspec (~> 1.0)
    decidim-forms (0.22.0.rc1)
      decidim-core (= 0.22.0.rc1)
    decidim-generators (0.22.0.rc1)
      decidim-core (= 0.22.0.rc1)
    decidim-initiatives (0.22.0.rc1)
      decidim-admin (= 0.22.0.rc1)
      decidim-comments (= 0.22.0.rc1)
      decidim-core (= 0.22.0.rc1)
      decidim-verifications (= 0.22.0.rc1)
      kaminari (~> 1.2, >= 1.2.1)
      origami (~> 2.1)
      virtus-multiparams (~> 0.1)
      wicked (~> 1.3)
      wicked_pdf (~> 1.4)
      wkhtmltopdf-binary (~> 0.12)
    decidim-meetings (0.22.0.rc1)
      cells-erb (~> 0.1.0)
      cells-rails (~> 0.0.9)
      decidim-core (= 0.22.0.rc1)
      decidim-forms (= 0.22.0.rc1)
      httparty (~> 0.17)
      icalendar (~> 2.5)
      jquery-tmpl-rails (~> 1.1)
      kaminari (~> 1.2, >= 1.2.1)
      searchlight (~> 4.1)
    decidim-pages (0.22.0.rc1)
      decidim-core (= 0.22.0.rc1)
    decidim-participatory_processes (0.22.0.rc1)
      decidim-core (= 0.22.0.rc1)
    decidim-proposals (0.22.0.rc1)
      acts_as_list (~> 0.9)
      cells-erb (~> 0.1.0)
      cells-rails (~> 0.0.9)
      decidim-comments (= 0.22.0.rc1)
      decidim-core (= 0.22.0.rc1)
      doc2text (~> 0.4.2)
      kaminari (~> 1.2, >= 1.2.1)
      ransack (~> 2.1.1)
      redcarpet (~> 3.4)
    decidim-sortitions (0.22.0.rc1)
      decidim-admin (= 0.22.0.rc1)
      decidim-comments (= 0.22.0.rc1)
      decidim-core (= 0.22.0.rc1)
      decidim-proposals (= 0.22.0.rc1)
    decidim-surveys (0.22.0.rc1)
      decidim-core (= 0.22.0.rc1)
      decidim-forms (= 0.22.0.rc1)
    decidim-system (0.22.0.rc1)
      active_link_to (~> 1.0)
      decidim-core (= 0.22.0.rc1)
      devise (~> 4.7)
      devise-i18n (~> 1.2)
      devise_invitable (~> 1.7)
      jquery-rails (~> 4.3)
      sassc (~> 2.3.0)
      sassc-rails (~> 2.1.2)
    decidim-verifications (0.22.0.rc1)
      decidim-core (= 0.22.0.rc1)

GIT
  remote: https://github.com/mainio/decidim-module-access_requests.git
  revision: 6fcc07f76cc54584c1e79d4008d40ceb545873d6
  branch: develop
  specs:
    decidim-access_requests (0.22.0)
      decidim-admin (~> 0.22.0.rc1)
      decidim-core (~> 0.22.0.rc1)
      decidim-verifications (~> 0.22.0.rc1)

GIT
  remote: https://github.com/mainio/decidim-module-accountability_simple.git
  revision: 4b56a13416968663946b1567ed97a3cc28fe4f55
  branch: develop
  specs:
    decidim-accountability_simple (0.22.0)
      decidim-accountability (~> 0.22.0.rc1)
      decidim-admin (~> 0.22.0.rc1)
      decidim-core (~> 0.22.0.rc1)
      decidim-participatory_processes (~> 0.22.0.rc1)

GIT
  remote: https://github.com/mainio/decidim-module-antivirus.git
  revision: 73f972c5ce3152286a18f217e18eca109bdf5384
  branch: develop
  specs:
    decidim-antivirus (0.22.0)
      decidim-core (~> 0.22.0.rc1)
      ratonvirus (~> 0.1.0)
      ratonvirus-clamby (~> 0.1.0)

GIT
  remote: https://github.com/mainio/decidim-module-apiauth.git
  revision: c20a50550e30ec8a5127778f127f3a7c05f7728a
  branch: develop
  specs:
    decidim-apiauth (0.22.0)
      decidim-api (~> 0.22.0.rc1)
      decidim-core (~> 0.22.0.rc1)
      devise-jwt (~> 0.7.0)

GIT
  remote: https://github.com/mainio/decidim-module-combined_budgeting.git
  revision: 36a12c028eb8e23c99c9675c2503b000b7e37812
  branch: develop
  specs:
    decidim-combined_budgeting (0.22.0)
      decidim-admin (~> 0.22.0.rc1)
      decidim-budgets (~> 0.22.0.rc1)
      decidim-core (~> 0.22.0.rc1)
      decidim-verifications (~> 0.22.0.rc1)

GIT
  remote: https://github.com/mainio/decidim-module-ideas.git
  revision: 99835ee7e0b4eed7e5d9572efe02465b14b2c83e
  branch: master
  specs:
    decidim-ideas (0.22.0)
      acts_as_list (~> 0.9)
      cells-erb (~> 0.1.0)
      cells-rails (~> 0.0.9)
      decidim-core (~> 0.22.0.rc1)
      graphql (~> 1.9.19)
      kaminari (~> 1.2, >= 1.2.1)
      ransack (~> 2.1.1)
      social-share-button (~> 1.2, >= 1.2.1)

GIT
  remote: https://github.com/mainio/decidim-module-mpassid.git
  revision: 09a4caa553c315f26537079cd3a9beaf51867a87
  branch: develop
  specs:
    decidim-mpassid (0.22.0)
      decidim-core (~> 0.22.0.rc1)
      omniauth-mpassid (~> 0.2.0)

GIT
  remote: https://github.com/mainio/decidim-module-plans.git
  revision: 4b570343759fccdbdff06e048ab443f2cf015d24
  branch: develop
  specs:
    decidim-plans (0.22.0)
      decidim-core (~> 0.22.0.rc1)
      decidim-proposals (~> 0.22.0.rc1)
      graphql (~> 1.9.19)
      paper_trail-association_tracking (~> 2.0)

GIT
  remote: https://github.com/mainio/decidim-module-process_groups_content_block.git
  revision: 5188b8d61bf992b667b6049b69e48827954c81cf
  branch: develop
  specs:
    decidim-process_groups_content_block (0.22.0)
      decidim-core (~> 0.22.0.rc1)
      decidim-participatory_processes (~> 0.22.0.rc1)

GIT
  remote: https://github.com/mainio/decidim-module-redirects.git
  revision: a6c5136dadc6d4a58eeac5eb914ac06d0dd493a9
  branch: develop
  specs:
    decidim-redirects (0.22.0)
      decidim-core (~> 0.22.0.rc1)

GIT
  remote: https://github.com/mainio/decidim-module-suomifi.git
  revision: 3d1b6348062166289aa153dd92aac484bf7cf685
  branch: develop
  specs:
    decidim-suomifi (0.22.0)
      decidim-core (~> 0.22.0.rc1)
      henkilotunnus (~> 1.1.0)
      omniauth-suomifi (~> 0.3.0)

GIT
  remote: https://github.com/mainio/decidim-module-term_customizer.git
  revision: 4ccfce8ef1566f4fc299c01020acfa4eac9c8721
  branch: develop
  specs:
    decidim-term_customizer (0.22.0)
      decidim-admin (~> 0.22.0.rc1)
      decidim-core (~> 0.22.0.rc1)

GEM
  remote: https://rubygems.org/
  specs:
    actioncable (5.2.4.3)
      actionpack (= 5.2.4.3)
      nio4r (~> 2.0)
      websocket-driver (>= 0.6.1)
    actionmailer (5.2.4.3)
      actionpack (= 5.2.4.3)
      actionview (= 5.2.4.3)
      activejob (= 5.2.4.3)
      mail (~> 2.5, >= 2.5.4)
      rails-dom-testing (~> 2.0)
    actionpack (5.2.4.3)
      actionview (= 5.2.4.3)
      activesupport (= 5.2.4.3)
      rack (~> 2.0, >= 2.0.8)
      rack-test (>= 0.6.3)
      rails-dom-testing (~> 2.0)
      rails-html-sanitizer (~> 1.0, >= 1.0.2)
    actionview (5.2.4.3)
      activesupport (= 5.2.4.3)
      builder (~> 3.1)
      erubi (~> 1.4)
      rails-dom-testing (~> 2.0)
      rails-html-sanitizer (~> 1.0, >= 1.0.3)
    active_link_to (1.0.5)
      actionpack
      addressable
    activejob (5.2.4.3)
      activesupport (= 5.2.4.3)
      globalid (>= 0.3.6)
    activemodel (5.2.4.3)
      activesupport (= 5.2.4.3)
    activerecord (5.2.4.3)
      activemodel (= 5.2.4.3)
      activesupport (= 5.2.4.3)
      arel (>= 9.0)
    activestorage (5.2.4.3)
      actionpack (= 5.2.4.3)
      activerecord (= 5.2.4.3)
      marcel (~> 0.3.1)
    activesupport (5.2.4.3)
      concurrent-ruby (~> 1.0, >= 1.0.2)
      i18n (>= 0.7, < 2)
      minitest (~> 5.1)
      tzinfo (~> 1.1)
    acts_as_list (0.9.19)
      activerecord (>= 3.0)
    addressable (2.7.0)
      public_suffix (>= 2.0.2, < 5.0)
    aes_key_wrap (1.0.1)
    anchored (1.1.0)
    arel (9.0.0)
    ast (2.4.1)
    attr_required (1.0.1)
    autoprefixer-rails (8.6.5)
      execjs
    axiom-types (0.1.1)
      descendants_tracker (~> 0.0.4)
      ice_nine (~> 0.11.0)
      thread_safe (~> 0.3, >= 0.3.1)
    babel-source (5.8.35)
    babel-transpiler (0.7.0)
      babel-source (>= 4.0, < 6)
      execjs (~> 2.0)
    batch-loader (1.5.0)
    bcrypt (3.1.15)
    better_html (1.0.15)
      actionview (>= 4.0)
      activesupport (>= 4.0)
      ast (~> 2.0)
      erubi (~> 1.4)
      html_tokenizer (~> 0.0.6)
      parser (>= 2.4)
      smart_properties
    bindata (2.4.7)
    bindex (0.8.1)
    browser (2.7.1)
    builder (3.2.4)
    byebug (11.1.3)
    capybara (3.33.0)
      addressable
      mini_mime (>= 0.1.3)
      nokogiri (~> 1.8)
      rack (>= 1.6.0)
      rack-test (>= 0.6.3)
      regexp_parser (~> 1.5)
      xpath (~> 3.2)
    carrierwave (1.3.1)
      activemodel (>= 4.0.0)
      activesupport (>= 4.0.0)
      mime-types (>= 1.16)
    cells (4.1.7)
      declarative-builder (< 0.2.0)
      declarative-option (< 0.2.0)
      tilt (>= 1.4, < 3)
      uber (< 0.2.0)
    cells-erb (0.1.0)
      cells (~> 4.0)
      erbse (>= 0.1.1)
    cells-rails (0.0.9)
      actionpack (>= 3.0)
      cells (>= 4.1.6, < 5.0.0)
    charlock_holmes (0.7.7)
    childprocess (3.0.0)
    clamby (1.6.6)
    coercible (1.0.0)
      descendants_tracker (~> 0.0.1)
    coffee-rails (5.0.0)
      coffee-script (>= 2.2.0)
      railties (>= 5.2.0)
    coffee-script (2.4.1)
      coffee-script-source
      execjs
    coffee-script-source (1.12.2)
    colorize (0.8.1)
    concurrent-ruby (1.1.7)
    crack (0.4.3)
      safe_yaml (~> 1.0.0)
    crass (1.0.6)
    css_parser (1.7.1)
      addressable
    database_cleaner (1.8.5)
    date_validator (0.9.0)
      activemodel
      activesupport
    db-query-matchers (0.9.0)
      activesupport (>= 4.0, <= 6.0)
      rspec (~> 3.0)
    declarative-builder (0.1.0)
      declarative-option (< 0.2.0)
    declarative-option (0.1.0)
    descendants_tracker (0.0.4)
      thread_safe (~> 0.3, >= 0.3.1)
    devise (4.7.2)
      bcrypt (~> 3.0)
      orm_adapter (~> 0.1)
      railties (>= 4.1.0)
      responders
      warden (~> 1.2.3)
    devise-i18n (1.9.2)
      devise (>= 4.7.1)
    devise-jwt (0.7.0)
      devise (~> 4.0)
      warden-jwt_auth (~> 0.4)
    devise_invitable (1.7.5)
      actionmailer (>= 4.1.0)
      devise (>= 4.0.0)
    diff-lcs (1.4.4)
    diffy (3.4.0)
    doc2text (0.4.2)
      nokogiri (~> 1.10.0)
      rubyzip (~> 2.0.0)
    docile (1.3.2)
    domain_name (0.5.20190701)
      unf (>= 0.0.5, < 1.0.0)
    doorkeeper (5.4.0)
      railties (>= 5)
    doorkeeper-i18n (4.0.1)
    dotenv (2.7.5)
    dotenv-rails (2.7.5)
      dotenv (= 2.7.5)
      railties (>= 3.2, < 6.1)
    dry-auto_inject (0.7.0)
      dry-container (>= 0.3.4)
    dry-configurable (0.11.6)
      concurrent-ruby (~> 1.0)
      dry-core (~> 0.4, >= 0.4.7)
      dry-equalizer (~> 0.2)
    dry-container (0.7.2)
      concurrent-ruby (~> 1.0)
      dry-configurable (~> 0.1, >= 0.1.3)
    dry-core (0.4.9)
      concurrent-ruby (~> 1.0)
    dry-equalizer (0.3.0)
    equalizer (0.0.11)
    erb_lint (0.0.30)
      activesupport
      better_html (~> 1.0.7)
      html_tokenizer
      rainbow
      rubocop (~> 0.51)
      smart_properties
    erbse (0.1.4)
      temple
    erubi (1.9.0)
    et-orbi (1.2.4)
      tzinfo
    etherpad-lite (0.3.0)
      rest-client (>= 1.6)
    ethon (0.12.0)
      ffi (>= 1.3.0)
    execjs (2.7.0)
    factory_bot (4.11.1)
      activesupport (>= 3.0.0)
    factory_bot_rails (4.11.1)
      factory_bot (~> 4.11.1)
      railties (>= 3.0.0)
    faker (1.9.6)
      i18n (>= 0.7)
    faraday (1.0.1)
      multipart-post (>= 1.2, < 3)
    ffi (1.13.1)
    file_validators (2.3.0)
      activemodel (>= 3.2)
      mime-types (>= 1.0)
    font-awesome-rails (4.7.0.5)
      railties (>= 3.2, < 6.1)
    foundation-rails (6.6.2.0)
      railties (>= 3.1.0)
      sass (>= 3.3.0)
      sprockets-es6 (>= 0.9.0)
    foundation_rails_helper (3.0.0)
      actionpack (>= 4.1, < 6.0)
      activemodel (>= 4.1, < 6.0)
      activesupport (>= 4.1, < 6.0)
      railties (>= 4.1, < 6.0)
      tzinfo (~> 1.2, >= 1.2.2)
    fugit (1.3.6)
      et-orbi (~> 1.1, >= 1.1.8)
      raabro (~> 1.3)
    geocoder (1.6.3)
    globalid (0.4.2)
      activesupport (>= 4.2.0)
    graphiql-rails (1.4.11)
      railties
      sprockets-rails
    graphql (1.9.21)
    hashdiff (1.0.1)
    hashie (4.1.0)
    henkilotunnus (1.1.0)
      activemodel (>= 4.2)
    highline (2.0.3)
    html_tokenizer (0.0.7)
    htmlentities (4.3.4)
    http-accept (1.7.0)
    http-cookie (1.0.3)
      domain_name (~> 0.5)
    httparty (0.18.1)
      mime-types (~> 3.0)
      multi_xml (>= 0.5.2)
    httpclient (2.8.3)
    i18n (1.8.5)
      concurrent-ruby (~> 1.0)
    i18n-tasks (0.9.31)
      activesupport (>= 4.0.2)
      ast (>= 2.1.0)
      erubi
      highline (>= 2.0.0)
      i18n
      parser (>= 2.2.3.0)
      rails-i18n
      rainbow (>= 2.2.2, < 4.0)
      terminal-table (>= 1.5.1)
    icalendar (2.6.1)
      ice_cube (~> 0.16)
    ice_cube (0.16.3)
    ice_nine (0.11.2)
    invisible_captcha (0.13.0)
      rails (>= 3.2.0)
    jaro_winkler (1.5.4)
    jquery-rails (4.4.0)
      rails-dom-testing (>= 1, < 3)
      railties (>= 4.2.0)
      thor (>= 0.14, < 2.0)
    jquery-tmpl-rails (1.1.0)
      rails (>= 3.1.0)
    json-jwt (1.13.0)
      activesupport (>= 4.2)
      aes_key_wrap
      bindata
    jwt (2.2.2)
    kaminari (1.2.1)
      activesupport (>= 4.1.0)
      kaminari-actionview (= 1.2.1)
      kaminari-activerecord (= 1.2.1)
      kaminari-core (= 1.2.1)
    kaminari-actionview (1.2.1)
      actionview
      kaminari-core (= 1.2.1)
    kaminari-activerecord (1.2.1)
      activerecord
      kaminari-core (= 1.2.1)
    kaminari-core (1.2.1)
    kramdown (1.17.0)
    launchy (2.5.0)
      addressable (~> 2.7)
    letter_opener (1.7.0)
      launchy (~> 2.2)
    letter_opener_web (1.4.0)
      actionmailer (>= 3.2)
      letter_opener (~> 1.0)
      railties (>= 3.2)
    listen (3.2.1)
      rb-fsevent (~> 0.10, >= 0.10.3)
      rb-inotify (~> 0.9, >= 0.9.10)
    loofah (2.3.1)
      crass (~> 1.0.2)
      nokogiri (>= 1.5.9)
    mail (2.7.1)
      mini_mime (>= 0.1.1)
    marcel (0.3.3)
      mimemagic (~> 0.3.2)
    mdl (0.5.0)
      kramdown (~> 1.12, >= 1.12.0)
      mixlib-cli (~> 1.7, >= 1.7.0)
      mixlib-config (~> 2.2, >= 2.2.1)
    method_source (1.0.0)
    mime-types (3.3.1)
      mime-types-data (~> 3.2015)
    mime-types-data (3.2020.0512)
    mimemagic (0.3.5)
    mini_magick (4.10.1)
    mini_mime (1.0.2)
    mini_portile2 (2.4.0)
    minitest (5.14.2)
    mixlib-cli (1.7.0)
    mixlib-config (2.2.18)
      tomlrb
    mono_logger (1.1.0)
    multi_json (1.15.0)
    multi_xml (0.6.0)
    multipart-post (2.1.1)
    mustache (1.1.1)
    mustermann (1.1.1)
      ruby2_keywords (~> 0.0.1)
    netrc (0.11.0)
    nio4r (2.5.2)
    nobspw (0.6.2)
    nokogiri (1.10.10)
      mini_portile2 (~> 2.4.0)
    oauth (0.5.4)
    oauth2 (1.4.4)
      faraday (>= 0.8, < 2.0)
      jwt (>= 1.0, < 3.0)
      multi_json (~> 1.3)
      multi_xml (~> 0.5)
      rack (>= 1.2, < 3)
    omniauth (1.9.1)
      hashie (>= 3.4.6)
      rack (>= 1.6.2, < 3)
    omniauth-facebook (5.0.0)
      omniauth-oauth2 (~> 1.2)
    omniauth-google-oauth2 (0.8.0)
      jwt (>= 2.0)
      omniauth (>= 1.1.1)
      omniauth-oauth2 (>= 1.6)
    omniauth-mpassid (0.2.0)
      omniauth-saml (~> 1.10.1)
    omniauth-oauth (1.1.0)
      oauth
      omniauth (~> 1.0)
    omniauth-oauth2 (1.7.0)
      oauth2 (~> 1.4)
      omniauth (~> 1.9)
    omniauth-rails_csrf_protection (0.1.2)
      actionpack (>= 4.2)
      omniauth (>= 1.3.1)
    omniauth-saml (1.10.2)
      omniauth (~> 1.3, >= 1.3.2)
      ruby-saml (~> 1.9)
    omniauth-suomifi (0.3.0)
      omniauth-saml (~> 1.10.1)
    omniauth-twitter (1.4.0)
      omniauth-oauth (~> 1.1)
      rack
    omniauth_openid_connect (0.3.5)
      addressable (~> 2.5)
      omniauth (~> 1.9)
      openid_connect (~> 1.1)
    openid_connect (1.2.0)
      activemodel
      attr_required (>= 1.0.0)
      json-jwt (>= 1.5.0)
      rack-oauth2 (>= 1.6.1)
      swd (>= 1.0.0)
      tzinfo
      validate_email
      validate_url
      webfinger (>= 1.0.1)
    origami (2.1.0)
      colorize (~> 0.7)
    orm_adapter (0.5.0)
    paper_trail (10.3.1)
      activerecord (>= 4.2)
      request_store (~> 1.1)
    paper_trail-association_tracking (2.1.0)
    parallel (1.19.2)
    parser (2.7.1.4)
      ast (~> 2.4.1)
    pg (1.1.4)
    pg_search (2.3.2)
      activerecord (>= 5.2)
      activesupport (>= 5.2)
    premailer (1.13.1)
      addressable
      css_parser (>= 1.6.0)
      htmlentities (>= 4.0.0)
    premailer-rails (1.11.1)
      actionmailer (>= 3)
      premailer (~> 1.7, >= 1.7.9)
    public_suffix (4.0.5)
    puma (4.3.5)
      nio4r (~> 2.0)
    raabro (1.3.1)
    rack (2.2.3)
    rack-attack (6.3.1)
      rack (>= 1.0, < 3)
    rack-cors (1.1.1)
      rack (>= 2.0.0)
    rack-oauth2 (1.15.0)
      activesupport
      attr_required
      httpclient
      json-jwt (>= 1.11.0)
      rack (>= 2.1.0)
    rack-protection (2.0.8.1)
      rack
    rack-test (1.1.0)
      rack (>= 1.0, < 3)
    rails (5.2.4.3)
      actioncable (= 5.2.4.3)
      actionmailer (= 5.2.4.3)
      actionpack (= 5.2.4.3)
      actionview (= 5.2.4.3)
      activejob (= 5.2.4.3)
      activemodel (= 5.2.4.3)
      activerecord (= 5.2.4.3)
      activestorage (= 5.2.4.3)
      activesupport (= 5.2.4.3)
      bundler (>= 1.3.0)
      railties (= 5.2.4.3)
      sprockets-rails (>= 2.0.0)
    rails-controller-testing (1.0.5)
      actionpack (>= 5.0.1.rc1)
      actionview (>= 5.0.1.rc1)
      activesupport (>= 5.0.1.rc1)
    rails-dom-testing (2.0.3)
      activesupport (>= 4.2.0)
      nokogiri (>= 1.6)
    rails-html-sanitizer (1.3.0)
      loofah (~> 2.3)
    rails-i18n (5.1.3)
      i18n (>= 0.7, < 2)
      railties (>= 5.0, < 6)
    railties (5.2.4.3)
      actionpack (= 5.2.4.3)
      activesupport (= 5.2.4.3)
      method_source
      rake (>= 0.8.7)
      thor (>= 0.19.0, < 2.0)
    rainbow (3.0.0)
    rake (13.0.1)
    ransack (2.1.1)
      actionpack (>= 5.0)
      activerecord (>= 5.0)
      activesupport (>= 5.0)
      i18n
    ratonvirus (0.1.1)
      activesupport (~> 5.0)
    ratonvirus-clamby (0.1.0)
      clamby (~> 1.6)
      ratonvirus (~> 0.1.0)
    rb-fsevent (0.10.4)
    rb-inotify (0.10.1)
      ffi (~> 1.0)
    rectify (0.13.0)
      activemodel (>= 4.1.0)
      activerecord (>= 4.1.0)
      activesupport (>= 4.1.0)
      virtus (~> 1.0.5)
      wisper (>= 1.6.1)
    redcarpet (3.5.0)
    redis (4.2.1)
    redis-namespace (1.7.0)
      redis (>= 3.0.4)
    regexp_parser (1.7.1)
    request_store (1.5.0)
      rack (>= 1.4)
    responders (3.0.1)
      actionpack (>= 5.0)
      railties (>= 5.0)
    resque (1.27.4)
      mono_logger (~> 1.0)
      multi_json (~> 1.0)
      redis-namespace (~> 1.3)
      sinatra (>= 0.9.2)
      vegas (~> 0.1.2)
    resque-scheduler (4.4.0)
      mono_logger (~> 1.0)
      redis (>= 3.3)
      resque (>= 1.26)
      rufus-scheduler (~> 3.2)
    rest-client (2.1.0)
      http-accept (>= 1.7.0, < 2.0)
      http-cookie (>= 1.0.2, < 2.0)
      mime-types (>= 1.16, < 4.0)
      netrc (~> 0.8)
    roo (2.8.3)
      nokogiri (~> 1)
      rubyzip (>= 1.3.0, < 3.0.0)
    rspec (3.9.0)
      rspec-core (~> 3.9.0)
      rspec-expectations (~> 3.9.0)
      rspec-mocks (~> 3.9.0)
    rspec-cells (0.3.5)
      cells (>= 4.0.0, < 6.0.0)
      rspec-rails (< 5.0)
    rspec-core (3.9.2)
      rspec-support (~> 3.9.3)
    rspec-expectations (3.9.2)
      diff-lcs (>= 1.2.0, < 2.0)
      rspec-support (~> 3.9.0)
    rspec-html-matchers (0.9.2)
      nokogiri (~> 1)
      rspec (>= 3.0.0.a, < 4)
    rspec-mocks (3.9.1)
      diff-lcs (>= 1.2.0, < 2.0)
      rspec-support (~> 3.9.0)
    rspec-rails (3.9.1)
      actionpack (>= 3.0)
      activesupport (>= 3.0)
      railties (>= 3.0)
      rspec-core (~> 3.9.0)
      rspec-expectations (~> 3.9.0)
      rspec-mocks (~> 3.9.0)
      rspec-support (~> 3.9.0)
    rspec-retry (0.6.2)
      rspec-core (> 3.3)
    rspec-support (3.9.3)
    rspec_junit_formatter (0.3.0)
      rspec-core (>= 2, < 4, != 2.12.0)
    rubocop (0.71.0)
      jaro_winkler (~> 1.5.1)
      parallel (~> 1.10)
      parser (>= 2.6)
      rainbow (>= 2.2.2, < 4.0)
      ruby-progressbar (~> 1.7)
      unicode-display_width (>= 1.4.0, < 1.7)
    rubocop-rails (2.0.1)
      rack (>= 1.1)
      rubocop (>= 0.70.0)
    rubocop-rspec (1.41.0)
      rubocop (>= 0.68.1)
    ruby-cldr (0.3.0)
      i18n
      nokogiri
      thor
    ruby-ole (1.2.12.2)
    ruby-progressbar (1.10.1)
    ruby-saml (1.11.0)
      nokogiri (>= 1.5.10)
    ruby2_keywords (0.0.2)
    rubyXL (3.4.14)
      nokogiri (>= 1.10.8)
      rubyzip (>= 1.3.0)
    rubyzip (2.0.0)
    rufus-scheduler (3.6.0)
      fugit (~> 1.1, >= 1.1.6)
    safe_yaml (1.0.5)
    sass (3.7.4)
      sass-listen (~> 4.0.0)
    sass-listen (4.0.0)
      rb-fsevent (~> 0.9, >= 0.9.4)
      rb-inotify (~> 0.9, >= 0.9.7)
    sassc (2.3.0)
      ffi (~> 1.9)
    sassc-rails (2.1.2)
      railties (>= 4.0.0)
      sassc (>= 2.0)
      sprockets (> 3.0)
      sprockets-rails
      tilt
    searchlight (4.1.0)
    selenium-webdriver (3.142.7)
      childprocess (>= 0.5, < 4.0)
      rubyzip (>= 1.2.2)
    seven_zip_ruby (1.3.0)
    simplecov (0.18.5)
      docile (~> 1.1)
      simplecov-html (~> 0.11)
    simplecov-cobertura (1.3.1)
      simplecov (~> 0.8)
    simplecov-html (0.12.2)
    sinatra (2.0.8.1)
      mustermann (~> 1.0)
      rack (~> 2.0)
      rack-protection (= 2.0.8.1)
      tilt (~> 2.0)
    smart_properties (1.15.0)
    social-share-button (1.2.3)
      coffee-rails
    spreadsheet (1.2.6)
      ruby-ole (>= 1.0)
    spring (2.1.0)
    spring-watcher-listen (2.0.1)
      listen (>= 2.7, < 4.0)
      spring (>= 1.2, < 3.0)
    sprockets (3.7.2)
      concurrent-ruby (~> 1.0)
      rack (> 1, < 3)
    sprockets-es6 (0.9.2)
      babel-source (>= 5.8.11)
      babel-transpiler
      sprockets (>= 3.0.0)
    sprockets-rails (3.2.1)
      actionpack (>= 4.0)
      activesupport (>= 4.0)
      sprockets (>= 3.0.0)
    swd (1.2.0)
      activesupport (>= 3)
      attr_required (>= 0.0.5)
      httpclient (>= 2.4)
    system_test_html_screenshots (0.1.2)
      actionpack (>= 5.2, < 6.0.a)
    temple (0.8.2)
    terminal-table (1.8.0)
      unicode-display_width (~> 1.1, >= 1.1.1)
    thor (1.0.1)
    thread_safe (0.3.6)
    tilt (2.0.10)
    tomlrb (1.3.0)
    truncato (0.7.11)
      htmlentities (~> 4.3.1)
      nokogiri (>= 1.7.0, <= 2.0)
    typhoeus (1.4.0)
      ethon (>= 0.9.0)
    tzinfo (1.2.7)
      thread_safe (~> 0.1)
    uber (0.1.0)
    uglifier (4.2.0)
      execjs (>= 0.3.0, < 3)
    unf (0.1.4)
      unf_ext
    unf_ext (0.0.7.7)
    unicode-display_width (1.6.1)
    valid_email2 (2.3.1)
      activemodel (>= 3.2)
      mail (~> 2.5)
    validate_email (0.1.6)
      activemodel (>= 3.0)
      mail (>= 2.2.5)
    validate_url (1.0.11)
      activemodel (>= 3.0.0)
      public_suffix
    vegas (0.1.11)
      rack (>= 1.0.0)
    virtus (1.0.5)
      axiom-types (~> 0.1)
      coercible (~> 1.0)
      descendants_tracker (~> 0.0, >= 0.0.3)
      equalizer (~> 0.0, >= 0.0.9)
    virtus-multiparams (0.1.1)
      virtus (~> 1.0)
    warden (1.2.9)
      rack (>= 2.0.9)
    warden-jwt_auth (0.5.0)
      dry-auto_inject (~> 0.6)
      dry-configurable (~> 0.9)
      jwt (~> 2.1)
      warden (~> 1.2)
    web-console (3.7.0)
      actionview (>= 5.0)
      activemodel (>= 5.0)
      bindex (>= 0.4.0)
      railties (>= 5.0)
    webfinger (1.1.0)
      activesupport
      httpclient (>= 2.4)
    webmock (3.8.3)
      addressable (>= 2.3.6)
      crack (>= 0.3.2)
      hashdiff (>= 0.4.0, < 2.0.0)
    websocket-driver (0.7.3)
      websocket-extensions (>= 0.1.0)
    websocket-extensions (0.1.5)
    wicked (1.3.4)
      railties (>= 3.0.7)
    wicked_pdf (1.4.0)
      activesupport
    wisper (2.0.1)
    wisper-rspec (1.1.0)
    wkhtmltopdf-binary (0.12.6.2)
    xpath (3.2.0)
      nokogiri (~> 1.8)

PLATFORMS
  ruby

DEPENDENCIES
  byebug (~> 11.0)
  database_cleaner
  decidim!
  decidim-access_requests!
  decidim-accountability_simple!
  decidim-antivirus!
  decidim-apiauth!
  decidim-budgets_enhanced!
  decidim-combined_budgeting!
  decidim-dev!
  decidim-ideas!
  decidim-initiatives!
  decidim-mpassid!
  decidim-plans!
  decidim-process_groups_content_block!
  decidim-redirects!
  decidim-suomifi!
  decidim-term_customizer!
  dotenv-rails (~> 2.1, >= 2.1.1)
  faker (~> 1.9)
  font-awesome-rails (~> 4.7.0)
  henkilotunnus
  letter_opener_web (~> 1.3)
  listen (~> 3.1)
  mapstatic!
  omniauth_openid_connect (~> 0.3)
  puma (~> 4.3.3)
  resque (~> 1.26)
  resque-scheduler (~> 4.0)
  roo (~> 2.8)
  rspec-rails
  ruby-cldr (~> 0.3.0)
  rubyXL (~> 3.4, >= 3.4.6)
  spring (~> 2.0)
  spring-watcher-listen (~> 2.0)
  tzinfo-data
  uglifier (~> 4.1)
  web-console (~> 3.5)
  wicked_pdf (~> 1.4)
  wkhtmltopdf-binary (~> 0.12)

RUBY VERSION
   ruby 2.6.3p62

BUNDLED WITH
   2.0.2
