GIT
  remote: https://github.com/crofty/mapstatic.git
  revision: 02618fb3918aa65c9a1a64f815881b333e60aad3
  branch: master
  specs:
    mapstatic (0.0.2)
      mini_magick (~> 4.9)
      typhoeus (~> 1.3)

GIT
  remote: https://github.com/mainio/decidim-module-access_requests.git
  revision: fd06080a315b07daa04da702297a25886c8ba5e7
  branch: main
  specs:
    decidim-access_requests (0.27.0)
      decidim-admin (~> 0.27.0)
      decidim-core (~> 0.27.0)
      decidim-verifications (~> 0.27.0)

GIT
  remote: https://github.com/mainio/decidim-module-accountability_simple.git
  revision: 4b370b21551e1b66001bd169a3bad01f8ae8ec65
  branch: main
  specs:
    decidim-accountability_simple (0.27.0)
      decidim-accountability (~> 0.27.0)
      decidim-admin (~> 0.27.0)
      decidim-core (~> 0.27.0)
      decidim-favorites (~> 0.27.0)
      decidim-locations (~> 0.27.0)
      decidim-participatory_processes (~> 0.27.0)
      decidim-tags (~> 0.27.0)

GIT
  remote: https://github.com/mainio/decidim-module-antivirus.git
  revision: 6427218eec5d72401e179091ff18ab4bfd1123a2
  branch: main
  specs:
    decidim-antivirus (0.27.0)
      decidim-core (~> 0.27.0)
      ratonvirus (~> 0.3.2)
      ratonvirus-clamby (~> 0.3.0)

GIT
  remote: https://github.com/mainio/decidim-module-apiauth.git
  revision: d6011818b617bd9e776d00cf8afe6343870431b7
  branch: main
  specs:
    decidim-apiauth (0.27.0)
      decidim-api (~> 0.27.0)
      decidim-core (~> 0.27.0)
      devise-jwt (~> 0.9.0)

GIT
  remote: https://github.com/mainio/decidim-module-budgeting_pipeline.git
  revision: 90d5a0a6afe77d3207f79d235f50b2d9e1a40de3
  branch: main
  specs:
    decidim-budgeting_pipeline (0.27.0)
      decidim-budgets (~> 0.27.0)
      decidim-core (~> 0.27.0)
      decidim-favorites (~> 0.27.0)
      decidim-stats (~> 0.27.0)

GIT
  remote: https://github.com/mainio/decidim-module-connector.git
  revision: e6c63683b567d4e44415daab7d78a3d2d72d268d
  branch: main
  specs:
    decidim-connector (0.27.0)
      decidim-core (~> 0.27.0)

GIT
  remote: https://github.com/mainio/decidim-module-favorites.git
  revision: caaf9d9e81a730a63c8d1d3e6df78533beef1785
  branch: main
  specs:
    decidim-favorites (0.27.0)
      decidim-core (~> 0.27.0)

GIT
  remote: https://github.com/mainio/decidim-module-feedback.git
  revision: a39f1429a595acee6c55483f3b98c5bae25b0183
  branch: main
  specs:
    decidim-feedback (0.27.0)
      decidim-admin (~> 0.27.0)
      decidim-core (~> 0.27.0)

GIT
  remote: https://github.com/mainio/decidim-module-helsinki_smsauth.git
  revision: 6bf76bb50cbaa68200db33eb8f71a226a7ce9bca
  branch: main
  specs:
    decidim-helsinki_smsauth (0.27.0)
      decidim-core (~> 0.27.0)

GIT
  remote: https://github.com/mainio/decidim-module-ideas.git
  revision: 1f346a36dc86e5cb5fc8efb826e5a0484ea582a2
  branch: main
  specs:
    decidim-ideas (0.27.0)
      decidim-core (~> 0.27.0)
      decidim-favorites (~> 0.27.0)
      decidim-feedback (~> 0.27.0)

GIT
  remote: https://github.com/mainio/decidim-module-locations.git
  revision: 7bd5e852ef583ba4ff0e5424c41f50eb720a0951
  branch: main
  specs:
    decidim-locations (0.27.0)
      decidim-core (~> 0.27.0)

GIT
  remote: https://github.com/mainio/decidim-module-mpassid.git
  revision: 00f14c2f9b601724371506dc6c966900e7647386
  branch: main
  specs:
    decidim-mpassid (0.27.0)
      decidim-core (~> 0.27.0)
      omniauth-mpassid (~> 0.5.1)

GIT
  remote: https://github.com/mainio/decidim-module-plans.git
  revision: 56d9580265911629d70fbea3cecdfd20a084f776
  branch: main
  specs:
    decidim-plans (0.27.0)
      decidim-core (~> 0.27.0)
      decidim-favorites (~> 0.27.0)
      decidim-feedback (~> 0.27.0)
      decidim-proposals (~> 0.27.0)
      decidim-tags (~> 0.27.0)
      paper_trail-association_tracking (~> 2.0)

GIT
  remote: https://github.com/mainio/decidim-module-redirects.git
  revision: 1e4c74b98789949060046043d6b85d556e3591ed
  branch: main
  specs:
    decidim-redirects (0.27.0)
      decidim-core (~> 0.27.0)

GIT
  remote: https://github.com/mainio/decidim-module-stats.git
  revision: fc8e562b2f57510564e05aa3a6cb707e78dacc3a
  branch: main
  specs:
    decidim-stats (0.27.0)
      decidim-core (~> 0.27.0)

GIT
  remote: https://github.com/mainio/decidim-module-suomifi.git
  revision: 3789f9768817b83d6cab68589b1ec95b59fc31fd
  branch: main
  specs:
    decidim-suomifi (0.27.0)
      decidim-core (~> 0.27.0)
      henkilotunnus (~> 1.1.0)
      omniauth-suomifi (~> 0.6.0)

GIT
  remote: https://github.com/mainio/decidim-module-tags.git
  revision: 13526c6b0d2a66871bcb83257393c2d27b9ab413
  branch: main
  specs:
    decidim-tags (0.27.0)
      decidim-core (~> 0.27.0)

GIT
  remote: https://github.com/mainio/decidim-module-term_customizer.git
  revision: 187a46b387c3750a1f7703a538efada03d81f13e
  branch: master
  specs:
    decidim-term_customizer (0.27.0)
      decidim-admin (~> 0.27.0)
      decidim-core (~> 0.27.0)

GIT
  remote: https://github.com/mainio/decidim-sms-telia.git
  revision: 6caffa358faac4e28f99437b35d659e9b0c1351f
  branch: main
  specs:
    decidim-sms-telia (0.27.0)
      decidim-core (~> 0.27.0)

GEM
  remote: https://rubygems.org/
  specs:
    actioncable (6.1.7.4)
      actionpack (= 6.1.7.4)
      activesupport (= 6.1.7.4)
      nio4r (~> 2.0)
      websocket-driver (>= 0.6.1)
    actionmailbox (6.1.7.4)
      actionpack (= 6.1.7.4)
      activejob (= 6.1.7.4)
      activerecord (= 6.1.7.4)
      activestorage (= 6.1.7.4)
      activesupport (= 6.1.7.4)
      mail (>= 2.7.1)
    actionmailer (6.1.7.4)
      actionpack (= 6.1.7.4)
      actionview (= 6.1.7.4)
      activejob (= 6.1.7.4)
      activesupport (= 6.1.7.4)
      mail (~> 2.5, >= 2.5.4)
      rails-dom-testing (~> 2.0)
    actionpack (6.1.7.4)
      actionview (= 6.1.7.4)
      activesupport (= 6.1.7.4)
      rack (~> 2.0, >= 2.0.9)
      rack-test (>= 0.6.3)
      rails-dom-testing (~> 2.0)
      rails-html-sanitizer (~> 1.0, >= 1.2.0)
    actiontext (6.1.7.4)
      actionpack (= 6.1.7.4)
      activerecord (= 6.1.7.4)
      activestorage (= 6.1.7.4)
      activesupport (= 6.1.7.4)
      nokogiri (>= 1.8.5)
    actionview (6.1.7.4)
      activesupport (= 6.1.7.4)
      builder (~> 3.1)
      erubi (~> 1.4)
      rails-dom-testing (~> 2.0)
      rails-html-sanitizer (~> 1.1, >= 1.2.0)
    active_link_to (1.0.5)
      actionpack
      addressable
    activejob (6.1.7.4)
      activesupport (= 6.1.7.4)
      globalid (>= 0.3.6)
    activemodel (6.1.7.4)
      activesupport (= 6.1.7.4)
    activerecord (6.1.7.4)
      activemodel (= 6.1.7.4)
      activesupport (= 6.1.7.4)
    activestorage (6.1.7.4)
      actionpack (= 6.1.7.4)
      activejob (= 6.1.7.4)
      activerecord (= 6.1.7.4)
      activesupport (= 6.1.7.4)
      marcel (~> 1.0)
      mini_mime (>= 1.1.0)
    activesupport (6.1.7.4)
      concurrent-ruby (~> 1.0, >= 1.0.2)
      i18n (>= 1.6, < 2)
      minitest (>= 5.1)
      tzinfo (~> 2.0)
      zeitwerk (~> 2.3)
    acts_as_list (0.9.19)
      activerecord (>= 3.0)
    addressable (2.8.4)
      public_suffix (>= 2.0.2, < 6.0)
    aes_key_wrap (1.1.0)
    ast (2.4.2)
    attr_required (1.0.1)
    axe-core-api (4.7.0)
      dumb_delegator
      virtus
    axe-core-rspec (4.1.0)
      axe-core-api
      dumb_delegator
      virtus
    axiom-types (0.1.1)
      descendants_tracker (~> 0.0.4)
      ice_nine (~> 0.11.0)
      thread_safe (~> 0.3, >= 0.3.1)
    batch-loader (1.5.0)
    bcrypt (3.1.19)
    better_html (1.0.16)
      actionview (>= 4.0)
      activesupport (>= 4.0)
      ast (~> 2.0)
      erubi (~> 1.4)
      html_tokenizer (~> 0.0.6)
      parser (>= 2.4)
      smart_properties
    bindata (2.4.15)
    bindex (0.8.1)
    bootsnap (1.16.0)
      msgpack (~> 1.2)
    browser (2.7.1)
    builder (3.2.4)
    byebug (11.1.3)
    capybara (3.39.2)
      addressable
      matrix
      mini_mime (>= 0.1.3)
      nokogiri (~> 1.8)
      rack (>= 1.6.0)
      rack-test (>= 0.6.3)
      regexp_parser (>= 1.5, < 3.0)
      xpath (~> 3.2)
    carrierwave (2.2.4)
      activemodel (>= 5.0.0)
      activesupport (>= 5.0.0)
      addressable (~> 2.6)
      image_processing (~> 1.1)
      marcel (~> 1.0.0)
      mini_mime (>= 0.1.3)
      ssrf_filter (~> 1.0)
    cells (4.1.7)
      declarative-builder (< 0.2.0)
      declarative-option (< 0.2.0)
      tilt (>= 1.4, < 3)
      uber (< 0.2.0)
    cells-erb (0.1.0)
      cells (~> 4.0)
      erbse (>= 0.1.1)
    cells-rails (0.1.5)
      actionpack (>= 5.0)
      cells (>= 4.1.6, < 5.0.0)
    charlock_holmes (0.7.7)
    chef-utils (18.2.7)
      concurrent-ruby
    childprocess (4.1.0)
    chronic (0.10.2)
    clamby (1.6.8)
    cld (0.13.0)
      ffi
    coercible (1.0.0)
      descendants_tracker (~> 0.0.1)
    coffee-rails (5.0.0)
      coffee-script (>= 2.2.0)
      railties (>= 5.2.0)
    coffee-script (2.4.1)
      coffee-script-source
      execjs
    coffee-script-source (1.12.2)
    colorize (0.8.1)
    commonmarker (0.23.9)
    concurrent-ruby (1.2.2)
    crack (0.4.5)
      rexml
    crass (1.0.6)
    css_parser (1.14.0)
      addressable
    database_cleaner (2.0.2)
      database_cleaner-active_record (>= 2, < 3)
    database_cleaner-active_record (2.1.0)
      activerecord (>= 5.a)
      database_cleaner-core (~> 2.0.0)
    database_cleaner-core (2.0.1)
    date (3.3.3)
    date_validator (0.12.0)
      activemodel (>= 3)
      activesupport (>= 3)
    db-query-matchers (0.10.0)
      activesupport (>= 4.0, < 7)
      rspec (~> 3.0)
    decidim (0.27.3)
      decidim-accountability (= 0.27.3)
      decidim-admin (= 0.27.3)
      decidim-api (= 0.27.3)
      decidim-assemblies (= 0.27.3)
      decidim-blogs (= 0.27.3)
      decidim-budgets (= 0.27.3)
      decidim-comments (= 0.27.3)
      decidim-core (= 0.27.3)
      decidim-debates (= 0.27.3)
      decidim-forms (= 0.27.3)
      decidim-generators (= 0.27.3)
      decidim-meetings (= 0.27.3)
      decidim-pages (= 0.27.3)
      decidim-participatory_processes (= 0.27.3)
      decidim-proposals (= 0.27.3)
      decidim-sortitions (= 0.27.3)
      decidim-surveys (= 0.27.3)
      decidim-system (= 0.27.3)
      decidim-templates (= 0.27.3)
      decidim-verifications (= 0.27.3)
    decidim-accountability (0.27.3)
      decidim-comments (= 0.27.3)
      decidim-core (= 0.27.3)
    decidim-admin (0.27.3)
      active_link_to (~> 1.0)
      decidim-core (= 0.27.3)
      devise (~> 4.7)
      devise-i18n (~> 1.2)
      devise_invitable (~> 2.0)
    decidim-api (0.27.3)
      graphql (~> 1.12, < 1.13)
      graphql-docs (~> 2.1.0)
      rack-cors (~> 1.0)
    decidim-assemblies (0.27.3)
      decidim-core (= 0.27.3)
    decidim-blogs (0.27.3)
      decidim-admin (= 0.27.3)
      decidim-comments (= 0.27.3)
      decidim-core (= 0.27.3)
    decidim-budgets (0.27.3)
      decidim-comments (= 0.27.3)
      decidim-core (= 0.27.3)
    decidim-comments (0.27.3)
      decidim-core (= 0.27.3)
      redcarpet (~> 3.5, >= 3.5.1)
    decidim-core (0.27.3)
      active_link_to (~> 1.0)
      acts_as_list (~> 0.9)
      batch-loader (~> 1.2)
      browser (~> 2.7)
      carrierwave (~> 2.2.1)
      cells-erb (~> 0.1.0)
      cells-rails (~> 0.1.3)
      charlock_holmes (~> 0.7)
      date_validator (~> 0.12.0)
      decidim-api (= 0.27.3)
      devise (~> 4.7)
      devise-i18n (~> 1.2)
      diffy (~> 3.3)
      doorkeeper (~> 5.1)
      doorkeeper-i18n (~> 4.0)
      file_validators (~> 3.0)
      fog-local (~> 0.6)
      foundation_rails_helper (~> 4.0)
      geocoder (~> 1.8)
      hashdiff (>= 0.4.0, < 2.0.0)
      invisible_captcha (~> 0.12)
      kaminari (~> 1.2, >= 1.2.1)
      loofah (~> 2.3.1)
      mime-types (>= 1.16, < 4.0)
      mini_magick (~> 4.9)
      mustache (~> 1.1.0)
      omniauth (~> 2.0)
      omniauth-facebook (~> 5.0)
      omniauth-google-oauth2 (~> 1.0)
      omniauth-rails_csrf_protection (~> 1.0)
      omniauth-twitter (~> 1.4)
      paper_trail (~> 12.0)
      pg (~> 1.1.4, < 2)
      pg_search (~> 2.2)
      premailer-rails (~> 1.10)
      rack (~> 2.2, >= 2.2.3)
      rack-attack (~> 6.0)
      rails (~> 6.1.0)
      rails-i18n (~> 6.0)
      ransack (~> 2.4.1)
      redis (~> 4.1)
      request_store (~> 1.5.0)
      rubyXL (~> 3.4)
      rubyzip (~> 2.0)
      seven_zip_ruby (~> 1.3)
      social-share-button (~> 1.2, >= 1.2.1)
      valid_email2 (~> 2.1)
      webpacker (= 6.0.0.rc.5)
      webpush (~> 1.1)
      wisper (~> 2.0)
    decidim-debates (0.27.3)
      decidim-comments (= 0.27.3)
      decidim-core (= 0.27.3)
    decidim-dev (0.27.3)
      axe-core-rspec (~> 4.1.0)
      byebug (~> 11.0)
      capybara (~> 3.24)
      db-query-matchers (~> 0.10.0)
      decidim (= 0.27.3)
      erb_lint (~> 0.0.35)
      factory_bot_rails (~> 4.8)
      i18n-tasks (~> 0.9.18)
      mdl (~> 0.5)
      nokogiri (~> 1.13)
      parallel_tests (~> 3.7)
      puma (~> 5.0)
      rails-controller-testing (~> 1.0)
      rspec-cells (~> 0.3.7)
      rspec-html-matchers (~> 0.9.1)
      rspec-rails (~> 4.0)
      rspec-retry (~> 0.6.2)
      rspec_junit_formatter (~> 0.3.0)
      rubocop (~> 1.28.0)
      rubocop-rails (~> 2.14)
      rubocop-rspec (~> 2.10)
      selenium-webdriver (~> 4.1.0)
      simplecov (~> 0.21.0)
      simplecov-cobertura (~> 2.1.0)
      w3c_rspec_validators (~> 0.3.0)
      webmock (~> 3.6)
      wisper-rspec (~> 1.0)
    decidim-forms (0.27.3)
      decidim-core (= 0.27.3)
      wicked_pdf (~> 2.1)
      wkhtmltopdf-binary (~> 0.12)
    decidim-generators (0.27.3)
      decidim-core (= 0.27.3)
    decidim-initiatives (0.27.3)
      decidim-admin (= 0.27.3)
      decidim-comments (= 0.27.3)
      decidim-core (= 0.27.3)
      decidim-verifications (= 0.27.3)
      origami (~> 2.1)
      rexml (~> 3.2.5)
      wicked (~> 1.3)
      wicked_pdf (~> 2.1)
      wkhtmltopdf-binary (~> 0.12)
    decidim-meetings (0.27.3)
      decidim-core (= 0.27.3)
      decidim-forms (= 0.27.3)
      icalendar (~> 2.5)
    decidim-pages (0.27.3)
      decidim-core (= 0.27.3)
    decidim-participatory_processes (0.27.3)
      decidim-core (= 0.27.3)
    decidim-proposals (0.27.3)
      decidim-comments (= 0.27.3)
      decidim-core (= 0.27.3)
      doc2text (~> 0.4.5)
      redcarpet (~> 3.5, >= 3.5.1)
    decidim-sortitions (0.27.3)
      decidim-admin (= 0.27.3)
      decidim-comments (= 0.27.3)
      decidim-core (= 0.27.3)
      decidim-proposals (= 0.27.3)
    decidim-surveys (0.27.3)
      decidim-core (= 0.27.3)
      decidim-forms (= 0.27.3)
      decidim-templates (= 0.27.3)
    decidim-system (0.27.3)
      active_link_to (~> 1.0)
      decidim-core (= 0.27.3)
      devise (~> 4.7)
      devise-i18n (~> 1.2)
      devise_invitable (~> 2.0)
    decidim-templates (0.27.3)
      decidim-core (= 0.27.3)
      decidim-forms (= 0.27.3)
    decidim-verifications (0.27.3)
      decidim-core (= 0.27.3)
    declarative-builder (0.1.0)
      declarative-option (< 0.2.0)
    declarative-option (0.1.0)
    descendants_tracker (0.0.4)
      thread_safe (~> 0.3, >= 0.3.1)
    devise (4.9.2)
      bcrypt (~> 3.0)
      orm_adapter (~> 0.1)
      railties (>= 4.1.0)
      responders
      warden (~> 1.2.3)
    devise-i18n (1.11.0)
      devise (>= 4.9.0)
    devise-jwt (0.9.0)
      devise (~> 4.0)
      warden-jwt_auth (~> 0.6)
    devise_invitable (2.0.8)
      actionmailer (>= 5.0)
      devise (>= 4.6)
    diff-lcs (1.5.0)
    diffy (3.4.2)
    doc2text (0.4.6)
      nokogiri (>= 1.13.2, < 1.15.0)
      rubyzip (~> 2.3.0)
    docile (1.4.0)
    doorkeeper (5.6.6)
      railties (>= 5)
    doorkeeper-i18n (4.0.1)
    dotenv (2.8.1)
    dotenv-rails (2.8.1)
      dotenv (= 2.8.1)
      railties (>= 3.2)
    dry-auto_inject (1.0.1)
      dry-core (~> 1.0)
      zeitwerk (~> 2.6)
    dry-configurable (1.0.1)
      dry-core (~> 1.0, < 2)
      zeitwerk (~> 2.6)
    dry-core (1.0.0)
      concurrent-ruby (~> 1.0)
      zeitwerk (~> 2.6)
    dumb_delegator (1.0.0)
    erb_lint (0.0.37)
      activesupport
      better_html (~> 1.0.7)
      html_tokenizer
      parser (>= 2.7.1.4)
      rainbow
      rubocop
      smart_properties
    erbse (0.1.4)
      temple
    erubi (1.12.0)
    escape_utils (1.3.0)
    et-orbi (1.2.7)
      tzinfo
    ethon (0.16.0)
      ffi (>= 1.15.0)
    excon (0.100.0)
    execjs (2.8.1)
    extended-markdown-filter (0.7.0)
      html-pipeline (~> 2.9)
    factory_bot (4.11.1)
      activesupport (>= 3.0.0)
    factory_bot_rails (4.11.1)
      factory_bot (~> 4.11.1)
      railties (>= 3.0.0)
    faker (2.23.0)
      i18n (>= 1.8.11, < 2)
    faraday (2.7.10)
      faraday-net_http (>= 2.0, < 3.1)
      ruby2_keywords (>= 0.0.4)
    faraday-follow_redirects (0.3.0)
      faraday (>= 1, < 3)
    faraday-net_http (3.0.2)
    ffi (1.15.5)
    file_validators (3.0.0)
      activemodel (>= 3.2)
      mime-types (>= 1.0)
    fog-core (2.3.0)
      builder
      excon (~> 0.71)
      formatador (>= 0.2, < 2.0)
      mime-types
    fog-local (0.8.0)
      fog-core (>= 1.27, < 3.0)
    formatador (1.1.0)
    foundation_rails_helper (4.0.1)
      actionpack (>= 4.1, < 7.1)
      activemodel (>= 4.1, < 7.1)
      activesupport (>= 4.1, < 7.1)
      railties (>= 4.1, < 7.1)
    fugit (1.8.1)
      et-orbi (~> 1, >= 1.2.7)
      raabro (~> 1.4)
    gemoji (3.0.1)
    geocoder (1.8.2)
    globalid (1.1.0)
      activesupport (>= 5.0)
    graphql (1.12.24)
    graphql-docs (2.1.0)
      commonmarker (~> 0.16)
      escape_utils (~> 1.2)
      extended-markdown-filter (~> 0.4)
      gemoji (~> 3.0)
      graphql (~> 1.12)
      html-pipeline (~> 2.9)
      sass (~> 3.4)
    hashdiff (1.0.1)
    hashie (5.0.0)
    henkilotunnus (1.1.0)
      activemodel (>= 4.2)
    highline (2.1.0)
    hkdf (0.3.0)
    html-pipeline (2.14.3)
      activesupport (>= 2)
      nokogiri (>= 1.4)
    html_tokenizer (0.0.7)
    htmlentities (4.3.4)
    i18n (1.14.1)
      concurrent-ruby (~> 1.0)
    i18n-tasks (0.9.37)
      activesupport (>= 4.0.2)
      ast (>= 2.1.0)
      erubi
      highline (>= 2.0.0)
      i18n
      parser (>= 2.2.3.0)
      rails-i18n
      rainbow (>= 2.2.2, < 4.0)
      terminal-table (>= 1.5.1)
    icalendar (2.8.0)
      ice_cube (~> 0.16)
    ice_cube (0.16.4)
    ice_nine (0.11.2)
    image_processing (1.12.2)
      mini_magick (>= 4.9.5, < 5)
      ruby-vips (>= 2.0.17, < 3)
    invisible_captcha (0.13.0)
      rails (>= 3.2.0)
    json (2.6.3)
    json-jwt (1.16.3)
      activesupport (>= 4.2)
      aes_key_wrap
      bindata
      faraday (~> 2.0)
      faraday-follow_redirects
    jwt (2.7.1)
    kaminari (1.2.2)
      activesupport (>= 4.1.0)
      kaminari-actionview (= 1.2.2)
      kaminari-activerecord (= 1.2.2)
      kaminari-core (= 1.2.2)
    kaminari-actionview (1.2.2)
      actionview
      kaminari-core (= 1.2.2)
    kaminari-activerecord (1.2.2)
      activerecord
      kaminari-core (= 1.2.2)
    kaminari-core (1.2.2)
    kramdown (2.4.0)
      rexml
    kramdown-parser-gfm (1.1.0)
      kramdown (~> 2.0)
    launchy (2.5.2)
      addressable (~> 2.8)
    letter_opener (1.8.1)
      launchy (>= 2.2, < 3)
    letter_opener_web (2.0.0)
      actionmailer (>= 5.2)
      letter_opener (~> 1.7)
      railties (>= 5.2)
      rexml
    listen (3.8.0)
      rb-fsevent (~> 0.10, >= 0.10.3)
      rb-inotify (~> 0.9, >= 0.9.10)
    loofah (2.3.1)
      crass (~> 1.0.2)
      nokogiri (>= 1.5.9)
    mail (2.8.1)
      mini_mime (>= 0.1.1)
      net-imap
      net-pop
      net-smtp
    marcel (1.0.2)
    matrix (0.4.2)
    mdl (0.12.0)
      kramdown (~> 2.3)
      kramdown-parser-gfm (~> 1.1)
      mixlib-cli (~> 2.1, >= 2.1.1)
      mixlib-config (>= 2.2.1, < 4)
      mixlib-shellout
    method_source (1.0.0)
    mime-types (3.4.1)
      mime-types-data (~> 3.2015)
    mime-types-data (3.2023.0218.1)
    mini_magick (4.12.0)
    mini_mime (1.1.2)
    mini_portile2 (2.8.2)
    minitest (5.18.1)
    mixlib-cli (2.1.8)
    mixlib-config (3.0.27)
      tomlrb
    mixlib-shellout (3.2.7)
      chef-utils
    mono_logger (1.1.2)
    msgpack (1.7.1)
    multi_json (1.15.0)
    multi_xml (0.6.0)
    mustache (1.1.1)
    mustermann (3.0.0)
      ruby2_keywords (~> 0.0.1)
    net-imap (0.3.6)
      date
      net-protocol
    net-pop (0.1.2)
      net-protocol
    net-protocol (0.2.1)
      timeout
    net-smtp (0.3.3)
      net-protocol
    nio4r (2.5.9)
    nokogiri (1.14.5)
      mini_portile2 (~> 2.8.0)
      racc (~> 1.4)
    oauth (1.1.0)
      oauth-tty (~> 1.0, >= 1.0.1)
      snaky_hash (~> 2.0)
      version_gem (~> 1.1)
    oauth-tty (1.0.5)
      version_gem (~> 1.1, >= 1.1.1)
    oauth2 (2.0.9)
      faraday (>= 0.17.3, < 3.0)
      jwt (>= 1.0, < 3.0)
      multi_xml (~> 0.5)
      rack (>= 1.2, < 4)
      snaky_hash (~> 2.0)
      version_gem (~> 1.1)
    omniauth (2.1.1)
      hashie (>= 3.4.6)
      rack (>= 2.2.3)
      rack-protection
    omniauth-facebook (5.0.0)
      omniauth-oauth2 (~> 1.2)
    omniauth-google-oauth2 (1.1.1)
      jwt (>= 2.0)
      oauth2 (~> 2.0.6)
      omniauth (~> 2.0)
      omniauth-oauth2 (~> 1.8.0)
    omniauth-mpassid (0.5.1)
      omniauth-saml (~> 2.0)
    omniauth-oauth (1.2.0)
      oauth
      omniauth (>= 1.0, < 3)
    omniauth-oauth2 (1.8.0)
      oauth2 (>= 1.4, < 3)
      omniauth (~> 2.0)
    omniauth-rails_csrf_protection (1.0.1)
      actionpack (>= 4.2)
      omniauth (~> 2.0)
    omniauth-saml (2.1.0)
      omniauth (~> 2.0)
      ruby-saml (~> 1.12)
    omniauth-suomifi (0.6.2)
      omniauth-saml (~> 2.0)
      ruby-saml (~> 1.13.0)
    omniauth-twitter (1.4.0)
      omniauth-oauth (~> 1.1)
      rack
    omniauth_openid_connect (0.7.1)
      omniauth (>= 1.9, < 3)
      openid_connect (~> 2.2)
    openid_connect (2.2.0)
      activemodel
      attr_required (>= 1.0.0)
      faraday (~> 2.0)
      faraday-follow_redirects
      json-jwt (>= 1.16)
      net-smtp
      rack-oauth2 (~> 2.2)
      swd (~> 2.0)
      tzinfo
      validate_email
      validate_url
      webfinger (~> 2.0)
    origami (2.1.0)
      colorize (~> 0.7)
    orm_adapter (0.5.0)
    paper_trail (12.3.0)
      activerecord (>= 5.2)
      request_store (~> 1.1)
    paper_trail-association_tracking (2.2.1)
      paper_trail (>= 12.0)
    parallel (1.23.0)
    parallel_tests (3.13.0)
      parallel
    parser (3.2.2.3)
      ast (~> 2.4.1)
      racc
    pg (1.1.4)
    pg_search (2.3.6)
      activerecord (>= 5.2)
      activesupport (>= 5.2)
    premailer (1.21.0)
      addressable
      css_parser (>= 1.12.0)
      htmlentities (>= 4.0.0)
    premailer-rails (1.12.0)
      actionmailer (>= 3)
      net-smtp
      premailer (~> 1.7, >= 1.7.9)
    public_suffix (5.0.1)
    puma (5.6.6)
      nio4r (~> 2.0)
    raabro (1.4.0)
    racc (1.7.1)
    rack (2.2.7)
    rack-attack (6.6.1)
      rack (>= 1.0, < 3)
    rack-cors (1.1.1)
      rack (>= 2.0.0)
    rack-oauth2 (2.2.0)
      activesupport
      attr_required
      faraday (~> 2.0)
      faraday-follow_redirects
      json-jwt (>= 1.11.0)
      rack (>= 2.1.0)
    rack-protection (3.0.6)
      rack
    rack-proxy (0.7.6)
      rack
    rack-test (2.1.0)
      rack (>= 1.3)
    rails (6.1.7.4)
      actioncable (= 6.1.7.4)
      actionmailbox (= 6.1.7.4)
      actionmailer (= 6.1.7.4)
      actionpack (= 6.1.7.4)
      actiontext (= 6.1.7.4)
      actionview (= 6.1.7.4)
      activejob (= 6.1.7.4)
      activemodel (= 6.1.7.4)
      activerecord (= 6.1.7.4)
      activestorage (= 6.1.7.4)
      activesupport (= 6.1.7.4)
      bundler (>= 1.15.0)
      railties (= 6.1.7.4)
      sprockets-rails (>= 2.0.0)
    rails-controller-testing (1.0.5)
      actionpack (>= 5.0.1.rc1)
      actionview (>= 5.0.1.rc1)
      activesupport (>= 5.0.1.rc1)
    rails-dom-testing (2.1.1)
      activesupport (>= 5.0.0)
      minitest
      nokogiri (>= 1.6)
    rails-html-sanitizer (1.4.3)
      loofah (~> 2.3)
    rails-i18n (6.0.0)
      i18n (>= 0.7, < 2)
      railties (>= 6.0.0, < 7)
    railties (6.1.7.4)
      actionpack (= 6.1.7.4)
      activesupport (= 6.1.7.4)
      method_source
      rake (>= 12.2)
      thor (~> 1.0)
    rainbow (3.1.1)
    rake (13.0.6)
    ransack (2.4.2)
      activerecord (>= 5.2.4)
      activesupport (>= 5.2.4)
      i18n
    ratonvirus (0.3.2)
      activesupport (~> 6.0)
    ratonvirus-clamby (0.3.0)
      clamby (~> 1.6)
      ratonvirus (~> 0.3.0)
    rb-fsevent (0.11.2)
    rb-inotify (0.10.1)
      ffi (~> 1.0)
    redcarpet (3.6.0)
    redis (4.8.1)
    redis-namespace (1.11.0)
      redis (>= 4)
    regexp_parser (2.8.1)
    request_store (1.5.1)
      rack (>= 1.4)
    responders (3.1.0)
      actionpack (>= 5.2)
      railties (>= 5.2)
    resque (2.2.1)
      mono_logger (~> 1.0)
      multi_json (~> 1.0)
      redis-namespace (~> 1.6)
      sinatra (>= 0.9.2)
    resque-scheduler (4.9.0)
      mono_logger (~> 1.0)
      redis (>= 3.3)
      resque (>= 1.27)
      rufus-scheduler (~> 3.2, != 3.3)
    rexml (3.2.5)
    roo (2.10.0)
      nokogiri (~> 1)
      rubyzip (>= 1.3.0, < 3.0.0)
    rspec (3.12.0)
      rspec-core (~> 3.12.0)
      rspec-expectations (~> 3.12.0)
      rspec-mocks (~> 3.12.0)
    rspec-cells (0.3.8)
      cells (>= 4.0.0, < 6.0.0)
      rspec-rails (>= 3.0.0, < 6.1.0)
    rspec-core (3.12.2)
      rspec-support (~> 3.12.0)
    rspec-expectations (3.12.3)
      diff-lcs (>= 1.2.0, < 2.0)
      rspec-support (~> 3.12.0)
    rspec-html-matchers (0.9.4)
      nokogiri (~> 1)
      rspec (>= 3.0.0.a, < 4)
    rspec-mocks (3.12.5)
      diff-lcs (>= 1.2.0, < 2.0)
      rspec-support (~> 3.12.0)
    rspec-rails (4.1.2)
      actionpack (>= 4.2)
      activesupport (>= 4.2)
      railties (>= 4.2)
      rspec-core (~> 3.10)
      rspec-expectations (~> 3.10)
      rspec-mocks (~> 3.10)
      rspec-support (~> 3.10)
    rspec-retry (0.6.2)
      rspec-core (> 3.3)
    rspec-support (3.12.1)
    rspec_junit_formatter (0.3.0)
      rspec-core (>= 2, < 4, != 2.12.0)
    rubocop (1.28.2)
      parallel (~> 1.10)
      parser (>= 3.1.0.0)
      rainbow (>= 2.2.2, < 4.0)
      regexp_parser (>= 1.8, < 3.0)
      rexml
      rubocop-ast (>= 1.17.0, < 2.0)
      ruby-progressbar (~> 1.7)
      unicode-display_width (>= 1.4.0, < 3.0)
    rubocop-ast (1.29.0)
      parser (>= 3.2.1.0)
    rubocop-faker (1.1.0)
      faker (>= 2.12.0)
      rubocop (>= 0.82.0)
    rubocop-rails (2.15.2)
      activesupport (>= 4.2.0)
      rack (>= 1.1)
      rubocop (>= 1.7.0, < 2.0)
    rubocop-rspec (2.11.1)
      rubocop (~> 1.19)
    ruby-cldr (0.5.0)
      i18n
      nokogiri
      thor
    ruby-progressbar (1.13.0)
    ruby-saml (1.13.0)
      nokogiri (>= 1.10.5)
      rexml
    ruby-vips (2.1.4)
      ffi (~> 1.12)
    ruby2_keywords (0.0.5)
    rubyXL (3.4.25)
      nokogiri (>= 1.10.8)
      rubyzip (>= 1.3.0)
    rubyzip (2.3.2)
    rufus-scheduler (3.9.1)
      fugit (~> 1.1, >= 1.1.6)
    sass (3.7.4)
      sass-listen (~> 4.0.0)
    sass-listen (4.0.0)
      rb-fsevent (~> 0.9, >= 0.9.4)
      rb-inotify (~> 0.9, >= 0.9.7)
    selenium-webdriver (4.1.0)
      childprocess (>= 0.5, < 5.0)
      rexml (~> 3.2, >= 3.2.5)
      rubyzip (>= 1.2.2)
    semantic_range (3.0.0)
    seven_zip_ruby (1.3.0)
    simplecov (0.21.2)
      docile (~> 1.1)
      simplecov-html (~> 0.11)
      simplecov_json_formatter (~> 0.1)
    simplecov-cobertura (2.1.0)
      rexml
      simplecov (~> 0.19)
    simplecov-html (0.12.3)
    simplecov_json_formatter (0.1.4)
    sinatra (3.0.6)
      mustermann (~> 3.0)
      rack (~> 2.2, >= 2.2.4)
      rack-protection (= 3.0.6)
      tilt (~> 2.0)
    smart_properties (1.17.0)
    snaky_hash (2.0.1)
      hashie
      version_gem (~> 1.1, >= 1.1.1)
    social-share-button (1.2.4)
      coffee-rails
    spring (2.1.1)
    spring-watcher-listen (2.0.1)
      listen (>= 2.7, < 4.0)
      spring (>= 1.2, < 3.0)
    sprockets (4.2.0)
      concurrent-ruby (~> 1.0)
      rack (>= 2.2.4, < 4)
    sprockets-rails (3.4.2)
      actionpack (>= 5.2)
      activesupport (>= 5.2)
      sprockets (>= 3.0.0)
    ssrf_filter (1.1.1)
    swd (2.0.2)
      activesupport (>= 3)
      attr_required (>= 0.0.5)
      faraday (~> 2.0)
      faraday-follow_redirects
    temple (0.10.2)
    terminal-table (3.0.2)
      unicode-display_width (>= 1.1.1, < 3)
    thor (1.2.2)
    thread_safe (0.3.6)
    tilt (2.2.0)
    timeout (0.4.0)
    tomlrb (2.0.3)
    typhoeus (1.4.0)
      ethon (>= 0.9.0)
    tzinfo (2.0.6)
      concurrent-ruby (~> 1.0)
    uber (0.1.0)
    unicode-display_width (2.4.2)
    valid_email2 (2.3.1)
      activemodel (>= 3.2)
      mail (~> 2.5)
    validate_email (0.1.6)
      activemodel (>= 3.0)
      mail (>= 2.2.5)
    validate_url (1.0.15)
      activemodel (>= 3.0.0)
      public_suffix
    version_gem (1.1.3)
    virtus (2.0.0)
      axiom-types (~> 0.1)
      coercible (~> 1.0)
      descendants_tracker (~> 0.0, >= 0.0.3)
    w3c_rspec_validators (0.3.0)
      rails
      rspec
      w3c_validators
    w3c_validators (1.3.7)
      json (>= 1.8)
      nokogiri (~> 1.6)
      rexml (~> 3.2)
    warden (1.2.9)
      rack (>= 2.0.9)
    warden-jwt_auth (0.8.0)
      dry-auto_inject (>= 0.8, < 2)
      dry-configurable (>= 0.13, < 2)
      jwt (~> 2.1)
      warden (~> 1.2)
    web-console (4.2.0)
      actionview (>= 6.0.0)
      activemodel (>= 6.0.0)
      bindex (>= 0.4.0)
      railties (>= 6.0.0)
    webfinger (2.1.2)
      activesupport
      faraday (~> 2.0)
      faraday-follow_redirects
    webmock (3.18.1)
      addressable (>= 2.8.0)
      crack (>= 0.3.2)
      hashdiff (>= 0.4.0, < 2.0.0)
    webpacker (6.0.0.rc.5)
      activesupport (>= 5.2)
      rack-proxy (>= 0.6.1)
      railties (>= 5.2)
      semantic_range (>= 2.3.0)
    webpush (1.1.0)
      hkdf (~> 0.2)
      jwt (~> 2.0)
    websocket-driver (0.7.5)
      websocket-extensions (>= 0.1.0)
    websocket-extensions (0.1.5)
    whenever (1.0.0)
      chronic (>= 0.6.3)
    wicked (1.4.0)
      railties (>= 3.0.7)
    wicked_pdf (2.6.3)
      activesupport
    wisper (2.0.1)
    wisper-rspec (1.1.0)
    wkhtmltopdf-binary (0.12.6.6)
    xpath (3.2.0)
      nokogiri (~> 1.8)
    zeitwerk (2.6.8)

PLATFORMS
  ruby

DEPENDENCIES
  bootsnap (~> 1.4)
  byebug (~> 11.0)
  cld
  database_cleaner
  decidim (~> 0.27.0)
  decidim-access_requests!
  decidim-accountability_simple!
  decidim-antivirus!
  decidim-apiauth!
  decidim-budgeting_pipeline!
  decidim-connector!
  decidim-dev (~> 0.27.0)
  decidim-favorites!
  decidim-feedback!
  decidim-helsinki_smsauth!
  decidim-ideas!
  decidim-initiatives (~> 0.27.0)
  decidim-locations!
  decidim-mpassid!
  decidim-plans!
  decidim-redirects!
  decidim-sms-telia!
  decidim-stats!
  decidim-suomifi!
  decidim-tags!
  decidim-term_customizer!
  dotenv-rails (~> 2.8)
  faker (~> 2.14)
  henkilotunnus
  letter_opener_web (~> 2.0)
  listen (~> 3.1)
  mapstatic!
  omniauth_openid_connect (~> 0.7.1)
  puma (>= 5.6.2)
  resque (~> 2.2.0)
  resque-scheduler (~> 4.5)
  roo (~> 2.10)
  rspec-rails
  rubocop-faker
  ruby-cldr (~> 0.5.0)
  rubyXL (~> 3.4, >= 3.4.25)
  spring (~> 2.0)
  spring-watcher-listen (~> 2.0)
  tzinfo-data
  web-console (~> 4.2)
  whenever

RUBY VERSION
   ruby 3.0.6p216

BUNDLED WITH
   2.4.12
